PATH
  remote: .
  specs:
    test_inline (0.4.2)
      activesupport

GEM
  remote: http://rubygems.org/
  specs:
    activesupport (3.2.13)
      i18n (= 0.6.1)
      multi_json (~> 1.0)
    i18n (0.6.1)
    multi_json (1.7.2)
    rake (0.9.2.2)

PLATFORMS
  ruby

DEPENDENCIES
  rake
  test_inline!
