PATH
  remote: .
  specs:
    test_inline (0.4.0)
      activesupport

GEM
  remote: http://rubygems.org/
  specs:
    activesupport (3.2.8)
      i18n (~> 0.6)
      multi_json (~> 1.0)
    i18n (0.6.0)
    multi_json (1.3.6)
    rake (0.9.2.2)

PLATFORMS
  ruby

DEPENDENCIES
  rake
  test_inline!
